GEM
  remote: https://rubygems.org/
  specs:
    charlock_holmes (0.7.5)
    escape_utils (1.1.1)
    github-linguist (5.2.0)
      charlock_holmes (~> 0.7.3)
      escape_utils (~> 1.1.0)
      mime-types (>= 1.19)
      rugged (>= 0.25.1)
    mime-types (3.1)
      mime-types-data (~> 3.2015)
    mime-types-data (3.2016.0521)
    rack (1.6.5)
    rack-protection (1.5.3)
      rack
    rugged (0.26.0)
    sinatra (1.4.8)
      rack (~> 1.5)
      rack-protection (~> 1.4)
      tilt (>= 1.3, < 3)
    tilt (2.0.7)

PLATFORMS
  ruby

DEPENDENCIES
  github-linguist
  sinatra

BUNDLED WITH
   1.15.4
